PATH
  remote: .
  specs:
    agilezen (0.1.0)
      faraday (~> 0.5.4)

GEM
  remote: http://rubygems.org/
  specs:
    addressable (2.2.2)
    builder (2.1.2)
    cucumber (0.10.0)
      builder (>= 2.1.2)
      diff-lcs (~> 1.1.2)
      gherkin (~> 2.3.2)
      json (~> 1.4.6)
      term-ansicolor (~> 1.0.5)
    diff-lcs (1.1.2)
    faraday (0.5.4)
      addressable (~> 2.2.2)
      multipart-post (~> 1.1.0)
      rack (>= 1.1.0, < 2)
    gherkin (2.3.3)
      json (~> 1.4.6)
    json (1.4.6)
    multipart-post (1.1.0)
    rack (1.2.1)
    rake (0.8.7)
    rspec (2.4.0)
      rspec-core (~> 2.4.0)
      rspec-expectations (~> 2.4.0)
      rspec-mocks (~> 2.4.0)
    rspec-core (2.4.0)
    rspec-expectations (2.4.0)
      diff-lcs (~> 1.1.2)
    rspec-mocks (2.4.0)
    term-ansicolor (1.0.5)

PLATFORMS
  ruby

DEPENDENCIES
  agilezen!
  bundler (~> 1.0)
  cucumber (~> 0.10.0)
  faraday (~> 0.5.4)
  rake (~> 0.8)
  rspec (~> 2.4)
